GEM
  remote: http://rubygems.org/
  specs:
    anyplayer (0.0.1)
    haml (3.0.24)
    json (1.4.6)
    rack (1.2.1)
    sinatra (1.1.0)
      rack (~> 1.1)
      tilt (~> 1.1)
    tilt (1.1)
    xml-simple (1.0.12)

PLATFORMS
  ruby

DEPENDENCIES
  anyplayer
  haml
  json
  sinatra
  xml-simple
